GEM
  remote: https://rubygems.org/
  specs:
    addressable (2.8.5)
      public_suffix (>= 2.0.2, < 6.0)
    ast (2.4.2)
    base64 (0.1.1)
    better_errors (2.9.1)
      coderay (>= 1.0.0)
      erubi (>= 1.0.0)
      rack (>= 0.9.0)
    binding_of_caller (0.8.0)
      debug_inspector (>= 0.0.1)
    codecov (0.6.0)
      simplecov (>= 0.15, < 0.22)
    coderay (1.1.3)
    concurrent-ruby (1.2.2)
    connection_pool (2.4.1)
    crack (0.4.5)
      rexml
    database_cleaner-core (2.0.1)
    database_cleaner-sequel (2.0.2)
      database_cleaner-core (~> 2.0.0)
      sequel
    debug_inspector (1.1.0)
    diff-lcs (1.5.0)
    docile (1.4.0)
    dotenv (2.8.1)
    dry-auto_inject (1.0.1)
      dry-core (~> 1.0)
      zeitwerk (~> 2.6)
    dry-cli (1.0.0)
    dry-configurable (1.1.0)
      dry-core (~> 1.0, < 2)
      zeitwerk (~> 2.6)
    dry-core (1.0.0)
      concurrent-ruby (~> 1.0)
      zeitwerk (~> 2.6)
    dry-events (1.0.1)
      concurrent-ruby (~> 1.0)
      dry-core (~> 1.0, < 2)
    dry-files (1.0.1)
    dry-inflector (1.0.0)
    dry-initializer (3.1.1)
    dry-logger (1.0.3)
    dry-logic (1.5.0)
      concurrent-ruby (~> 1.0)
      dry-core (~> 1.0, < 2)
      zeitwerk (~> 2.6)
    dry-monitor (1.0.1)
      dry-configurable (~> 1.0, < 2)
      dry-core (~> 1.0, < 2)
      dry-events (~> 1.0, < 2)
    dry-schema (1.13.2)
      concurrent-ruby (~> 1.0)
      dry-configurable (~> 1.0, >= 1.0.1)
      dry-core (~> 1.0, < 2)
      dry-initializer (~> 3.0)
      dry-logic (>= 1.4, < 2)
      dry-types (>= 1.7, < 2)
      zeitwerk (~> 2.6)
    dry-struct (1.6.0)
      dry-core (~> 1.0, < 2)
      dry-types (>= 1.7, < 2)
      ice_nine (~> 0.11)
      zeitwerk (~> 2.6)
    dry-system (1.0.1)
      dry-auto_inject (~> 1.0, < 2)
      dry-configurable (~> 1.0, < 2)
      dry-core (~> 1.0, < 2)
      dry-inflector (~> 1.0, < 2)
    dry-transformer (1.0.1)
      zeitwerk (~> 2.6)
    dry-types (1.7.1)
      concurrent-ruby (~> 1.0)
      dry-core (~> 1.0)
      dry-inflector (~> 1.0)
      dry-logic (~> 1.4)
      zeitwerk (~> 2.6)
    dry-validation (1.10.0)
      concurrent-ruby (~> 1.0)
      dry-core (~> 1.0, < 2)
      dry-initializer (~> 3.0)
      dry-schema (>= 1.12, < 2)
      zeitwerk (~> 2.6)
    erubi (1.10.0)
    et-orbi (1.2.7)
      tzinfo
    faker (2.23.0)
      i18n (>= 1.8.11, < 2)
    faraday (2.7.11)
      base64
      faraday-net_http (>= 2.0, < 3.1)
      ruby2_keywords (>= 0.0.4)
    faraday-follow_redirects (0.3.0)
      faraday (>= 1, < 3)
    faraday-net_http (3.0.2)
    fugit (1.8.1)
      et-orbi (~> 1, >= 1.2.7)
      raabro (~> 1.4)
    graphql (2.1.5)
      racc (~> 1.4)
    hanami (2.0.3)
      bundler (>= 1.16, < 3)
      dry-configurable (~> 1.0, < 2)
      dry-core (~> 1.0, < 2)
      dry-inflector (~> 1.0, < 2)
      dry-logger (~> 1.0, < 2)
      dry-monitor (~> 1.0, >= 1.0.1, < 2)
      dry-system (~> 1.0, < 2)
      hanami-cli (~> 2.0)
      hanami-utils (~> 2.0)
      zeitwerk (~> 2.6)
    hanami-cli (2.0.3)
      bundler (~> 2.1)
      dry-cli (~> 1.0, < 2)
      dry-files (~> 1.0, >= 1.0.1, < 2)
      dry-inflector (~> 1.0, < 2)
      rake (~> 13.0)
      zeitwerk (~> 2.6)
    hanami-controller (2.0.2)
      dry-configurable (~> 1.0, < 2)
      dry-core (~> 1.0)
      hanami-utils (~> 2.0)
      rack (~> 2.0)
      zeitwerk (~> 2.6)
    hanami-utils (2.0.3)
      concurrent-ruby (~> 1.0)
      dry-core (~> 1.0, < 2)
      dry-transformer (~> 1.0, < 2)
    hanami-validations (2.0.1)
      dry-validation (>= 1.10, < 2)
      zeitwerk (~> 2.6.0)
    hanami-webconsole (0.1.0)
      better_errors (~> 2.4)
      binding_of_caller (~> 0.8)
    hashdiff (1.0.1)
    i18n (1.14.1)
      concurrent-ruby (~> 1.0)
    ice_nine (0.11.2)
    json (2.6.3)
    language_server-protocol (3.17.0.3)
    lefthook (1.5.2)
    mini_portile2 (2.8.4)
    nio4r (2.5.9)
    nokogiri (1.15.4)
      mini_portile2 (~> 2.8.2)
      racc (~> 1.4)
    parallel (1.23.0)
    parser (3.2.2.4)
      ast (~> 2.4.1)
      racc
    pg (1.5.4)
    public_suffix (5.0.3)
    puma (6.4.0)
      nio4r (~> 2.0)
    raabro (1.4.0)
    racc (1.7.1)
    rack (2.2.8)
    rainbow (3.1.1)
    rake (13.1.0)
    redis-client (0.17.0)
      connection_pool
    regexp_parser (2.8.2)
    rexml (3.2.6)
    rom (5.3.0)
      rom-changeset (~> 5.3, >= 5.3.0)
      rom-core (~> 5.3, >= 5.3.0)
      rom-repository (~> 5.3, >= 5.3.0)
    rom-changeset (5.3.0)
      dry-core (~> 1.0)
      rom-core (~> 5.3)
      transproc (~> 1.0, >= 1.1.0)
    rom-core (5.3.0)
      concurrent-ruby (~> 1.1)
      dry-configurable (~> 1.0)
      dry-core (~> 1.0)
      dry-inflector (~> 1.0)
      dry-initializer (~> 3.0, >= 3.0.1)
      dry-struct (~> 1.0)
      dry-types (~> 1.6)
      transproc (~> 1.0, >= 1.1.0)
    rom-factory (0.11.0)
      dry-configurable (~> 1.0)
      dry-core (~> 1.0)
      dry-struct (~> 1.6)
      faker (>= 2.0, < 3.0)
      rom-core (~> 5.3)
    rom-repository (5.3.0)
      dry-core (~> 1.0)
      dry-initializer (~> 3.0, >= 3.0.1)
      rom-core (~> 5.3, >= 5.3.0)
    rom-sql (3.6.1)
      dry-core (~> 1.0)
      dry-types (~> 1.0)
      rom (~> 5.2, >= 5.2.1)
      sequel (>= 4.49)
    rspec (3.12.0)
      rspec-core (~> 3.12.0)
      rspec-expectations (~> 3.12.0)
      rspec-mocks (~> 3.12.0)
    rspec-core (3.12.1)
      rspec-support (~> 3.12.0)
    rspec-expectations (3.12.2)
      diff-lcs (>= 1.2.0, < 2.0)
      rspec-support (~> 3.12.0)
    rspec-mocks (3.12.3)
      diff-lcs (>= 1.2.0, < 2.0)
      rspec-support (~> 3.12.0)
    rspec-support (3.12.0)
    rss (0.3.0)
      rexml
    rubocop (1.57.2)
      json (~> 2.3)
      language_server-protocol (>= 3.17.0)
      parallel (~> 1.10)
      parser (>= 3.2.2.4)
      rainbow (>= 2.2.2, < 4.0)
      regexp_parser (>= 1.8, < 3.0)
      rexml (>= 3.2.5, < 4.0)
      rubocop-ast (>= 1.28.1, < 2.0)
      ruby-progressbar (~> 1.7)
      unicode-display_width (>= 2.4.0, < 3.0)
    rubocop-ast (1.30.0)
      parser (>= 3.2.1.0)
    rubocop-capybara (2.19.0)
      rubocop (~> 1.41)
    rubocop-factory_bot (2.24.0)
      rubocop (~> 1.33)
    rubocop-performance (1.19.1)
      rubocop (>= 1.7.0, < 2.0)
      rubocop-ast (>= 0.4.0)
    rubocop-rspec (2.25.0)
      rubocop (~> 1.40)
      rubocop-capybara (~> 2.17)
      rubocop-factory_bot (~> 2.22)
    ruby-progressbar (1.13.0)
    ruby2_keywords (0.0.5)
    rufus-scheduler (3.9.0)
      fugit (~> 1.1, >= 1.1.6)
    sequel (5.70.0)
    shotgun (0.9.2)
      rack (>= 1.0)
    sidekiq (7.1.6)
      concurrent-ruby (< 2)
      connection_pool (>= 2.3.0)
      rack (>= 2.2.4)
      redis-client (>= 0.14.0)
    sidekiq-scheduler (5.0.3)
      rufus-scheduler (~> 3.2)
      sidekiq (>= 6, < 8)
      tilt (>= 1.4.0)
    simplecov (0.21.2)
      docile (~> 1.1)
      simplecov-html (~> 0.11)
      simplecov_json_formatter (~> 0.1)
    simplecov-html (0.12.3)
    simplecov_json_formatter (0.1.4)
    tilt (2.2.0)
    transproc (1.1.1)
    tzinfo (2.0.6)
      concurrent-ruby (~> 1.0)
    unicode-display_width (2.5.0)
    vcr (6.2.0)
    webmock (3.19.1)
      addressable (>= 2.8.0)
      crack (>= 0.3.2)
      hashdiff (>= 0.4.0, < 2.0.0)
    zeitwerk (2.6.8)

PLATFORMS
  ruby

DEPENDENCIES
  codecov
  database_cleaner-sequel
  dotenv (~> 2.8)
  faraday
  faraday-follow_redirects
  graphql (= 2.1.5)
  hanami (~> 2.0)
  hanami-controller (~> 2.0)
  hanami-validations (~> 2.0)
  hanami-webconsole
  i18n
  lefthook
  nokogiri
  pg
  puma
  rake
  rom (~> 5.3)
  rom-factory (~> 0.10)
  rom-sql (~> 3.6)
  rspec
  rss
  rubocop
  rubocop-performance
  rubocop-rspec
  shotgun
  sidekiq
  sidekiq-scheduler
  vcr
  webmock

BUNDLED WITH
   2.4.6
